GIT
  remote: git://github.com/scambra/devise_invitable.git
  revision: c012c2dc8d08b56ec6e340feb2a6d59ad069d03d
  specs:
    devise_invitable (1.1.8)
      actionmailer (>= 3.2.6, < 5)
      devise (>= 3.0.0.rc)

GEM
  remote: https://rubygems.org/
  specs:
    actionmailer (4.0.0)
      actionpack (= 4.0.0)
      mail (~> 2.5.3)
    actionpack (4.0.0)
      activesupport (= 4.0.0)
      builder (~> 3.1.0)
      erubis (~> 2.7.0)
      rack (~> 1.5.2)
      rack-test (~> 0.6.2)
    activemodel (4.0.0)
      activesupport (= 4.0.0)
      builder (~> 3.1.0)
    activerecord (4.0.0)
      activemodel (= 4.0.0)
      activerecord-deprecated_finders (~> 1.0.2)
      activesupport (= 4.0.0)
      arel (~> 4.0.0)
    activerecord-deprecated_finders (1.0.3)
    activesupport (4.0.0)
      i18n (~> 0.6, >= 0.6.4)
      minitest (~> 4.2)
      multi_json (~> 1.3)
      thread_safe (~> 0.1)
      tzinfo (~> 0.3.37)
    arel (4.0.0)
    atomic (1.1.10)
    aws-sdk (1.30.0)
      json (~> 1.4)
      nokogiri (>= 1.4.4)
      uuidtools (~> 2.1)
    bcrypt-ruby (3.1.1)
    bootstrap-sass (2.3.2.1)
      sass (~> 3.2)
    bootstrap-will_paginate (0.0.6)
      will_paginate
    builder (3.1.4)
    cancan (1.6.10)
    climate_control (0.0.3)
      activesupport (>= 3.0)
    cocaine (0.5.1)
      climate_control (>= 0.0.3, < 1.0)
    coffee-rails (4.0.0)
      coffee-script (>= 2.2.0)
      railties (>= 4.0.0.beta, < 5.0)
    coffee-script (2.2.0)
      coffee-script-source
      execjs
    coffee-script-source (1.6.3)
    devise (3.0.0)
      bcrypt-ruby (~> 3.0)
      orm_adapter (~> 0.1)
      railties (>= 3.2.6, < 5)
      warden (~> 1.2.3)
    erubis (2.7.0)
    excon (0.25.3)
    execjs (1.4.0)
      multi_json (~> 1.0)
    faker (0.3.1)
    geokit (1.9.0)
      multi_json (>= 1.3.2)
    geokit-rails (2.1.0)
      geokit (~> 1.5)
      rails (>= 3.0)
    hike (1.2.3)
    hirb (0.7.1)
    i18n (0.6.4)
    jquery-rails (3.0.4)
      railties (>= 3.0, < 5.0)
      thor (>= 0.14, < 2.0)
    json (1.8.0)
    mail (2.5.4)
      mime-types (~> 1.16)
      treetop (~> 1.4.8)
    mandrill-api (1.0.42)
      excon (>= 0.16.0, < 1.0)
      json (>= 1.7.7, < 2.0)
    mime-types (1.23)
    mini_portile (0.5.2)
    minitest (4.7.5)
    multi_json (1.13.1)
    nokogiri (1.6.1)
      mini_portile (~> 0.5.0)
    orm_adapter (0.4.0)
    paperclip (3.5.0)
      activemodel (>= 3.0.0)
      activesupport (>= 3.0.0)
      cocaine (~> 0.5.0)
      mime-types
    pg (0.16.0)
    polyglot (0.3.3)
    postmark (1.7.1)
      json
      rake
    postmark-rails (0.12.0)
      actionmailer (>= 3.0.0)
      postmark (~> 1.7.0)
    protected_attributes (1.0.3)
      activemodel (>= 4.0.0, < 5.0)
    rack (1.5.5)
    rack-test (0.6.2)
      rack (>= 1.0)
    rails (4.0.0)
      actionmailer (= 4.0.0)
      actionpack (= 4.0.0)
      activerecord (= 4.0.0)
      activesupport (= 4.0.0)
      bundler (>= 1.3.0, < 2.0)
      railties (= 4.0.0)
      sprockets-rails (~> 2.0.0)
    rails_12factor (0.0.2)
      rails_serve_static_assets
      rails_stdout_logging
    rails_serve_static_assets (0.0.2)
    rails_stdout_logging (0.0.3)
    railties (4.0.0)
      actionpack (= 4.0.0)
      activesupport (= 4.0.0)
      rake (>= 0.8.7)
      thor (>= 0.18.1, < 2.0)
    rake (10.1.0)
    rolify (3.2.0)
    sass (3.2.10)
    sass-rails (4.0.0)
      railties (>= 4.0.0.beta, < 5.0)
      sass (>= 3.1.10)
      sprockets-rails (~> 2.0.0)
    smarter_csv (1.0.19)
    sprockets (2.12.5)
      hike (~> 1.2)
      multi_json (~> 1.0)
      rack (~> 1.0)
      tilt (~> 1.1, != 1.3.0)
    sprockets-rails (2.0.0)
      actionpack (>= 3.0)
      activesupport (>= 3.0)
      sprockets (~> 2.8)
    thor (0.18.1)
    thread_safe (0.1.2)
      atomic
    tilt (1.4.1)
    treetop (1.4.14)
      polyglot
      polyglot (>= 0.3.1)
    tzinfo (0.3.37)
    uglifier (2.1.2)
      execjs (>= 0.3.0)
      multi_json (~> 1.0, >= 1.0.2)
    uuidtools (2.1.4)
    warden (1.2.3)
      rack (>= 1.0)
    will_paginate (3.0.3)

PLATFORMS
  ruby

DEPENDENCIES
  aws-sdk
  bootstrap-sass (>= 2.0.4.0)
  bootstrap-will_paginate (= 0.0.6)
  cancan (>= 1.6.8)
  coffee-rails (~> 4.0.0)
  devise (~> 3.0.0.rc)
  devise_invitable!
  faker (= 0.3.1)
  geokit-rails
  hirb
  jquery-rails
  mail
  mandrill-api
  paperclip (~> 3.1)
  pg
  postmark-rails (>= 0.10.0)
  protected_attributes
  rails (= 4.0.0)
  rails_12factor
  rolify (>= 3.2.0)
  sass-rails (~> 4.0.0)
  smarter_csv (~> 1.0.17)
  uglifier (>= 1.3.0)
  will_paginate (= 3.0.3)

RUBY VERSION
   ruby 2.0.0p648

BUNDLED WITH
   1.15.1
